PATH
  remote: .
  specs:
    spine-logging (0.1.1)

GEM
  remote: https://rubygems.org/
  specs:
    rake (10.4.2)

PLATFORMS
  ruby

DEPENDENCIES
  bundler (~> 1.10)
  rake (~> 10.0)
  spine-logging!

BUNDLED WITH
   1.10.3
