PATH
  remote: .
  specs:
    spine-logging (0.2.0)

GEM
  remote: https://rubygems.org/
  specs:
    rake (10.5.0)

PLATFORMS
  ruby

DEPENDENCIES
  bundler (~> 1.10)
  rake (~> 10.0)
  spine-logging!

BUNDLED WITH
   1.11.2
